GEM
  remote: https://rubygems.org/
  specs:
    CFPropertyList (3.0.0)
    ProMotion (2.8.2)
      methadone (~> 1.7)
      motion_print (~> 1.0)
    RedAlert (1.5)
      ruby_motion_query (>= 1.3.4)
    activesupport (4.2.11.1)
      i18n (~> 0.7)
      minitest (~> 5.1)
      thread_safe (~> 0.3, >= 0.3.4)
      tzinfo (~> 1.1)
    afmotion (2.6)
      motion-cocoapods (>= 1.4.1)
      motion-require (>= 0.1)
    atomos (0.1.3)
    builder (3.2.3)
    cdq (1.0.8)
      motion-yaml (= 1.4)
      ruby-xcdm (>= 0.0.9)
    claide (1.0.2)
    cocoapods (1.6.1)
      activesupport (>= 4.0.2, < 5)
      claide (>= 1.0.2, < 2.0)
      cocoapods-core (= 1.6.1)
      cocoapods-deintegrate (>= 1.0.2, < 2.0)
      cocoapods-downloader (>= 1.2.2, < 2.0)
      cocoapods-plugins (>= 1.0.0, < 2.0)
      cocoapods-search (>= 1.0.0, < 2.0)
      cocoapods-stats (>= 1.0.0, < 2.0)
      cocoapods-trunk (>= 1.3.1, < 2.0)
      cocoapods-try (>= 1.1.0, < 2.0)
      colored2 (~> 3.1)
      escape (~> 0.0.4)
      fourflusher (>= 2.2.0, < 3.0)
      gh_inspector (~> 1.0)
      molinillo (~> 0.6.6)
      nap (~> 1.0)
      ruby-macho (~> 1.4)
      xcodeproj (>= 1.8.1, < 2.0)
    cocoapods-core (1.6.1)
      activesupport (>= 4.0.2, < 6)
      fuzzy_match (~> 2.0.4)
      nap (~> 1.0)
    cocoapods-deintegrate (1.0.4)
    cocoapods-downloader (1.2.2)
    cocoapods-plugins (1.0.0)
      nap
    cocoapods-search (1.0.0)
    cocoapods-stats (1.1.0)
    cocoapods-trunk (1.3.1)
      nap (>= 0.8, < 2.0)
      netrc (~> 0.11)
    cocoapods-try (1.1.0)
    colored2 (3.1.2)
    concurrent-ruby (1.1.5)
    escape (0.0.4)
    fourflusher (2.2.0)
    fuzzy_match (2.0.4)
    gh_inspector (1.1.3)
    i18n (0.9.5)
      concurrent-ruby (~> 1.0)
    methadone (1.9.5)
      bundler
    minitest (5.11.3)
    molinillo (0.6.6)
    motion-cocoapods (1.9.2)
      cocoapods (>= 1.0.0)
    motion-require (0.2.0)
    motion-yaml (1.4)
    motion_print (1.2.0)
    nanaimo (0.2.6)
    nap (1.1.0)
    netrc (0.11.0)
    newclear (1.3)
      reset-sim
    plist (3.5.0)
    rake (12.3.2)
    redpotion (1.7.1)
      ProMotion (>= 2.7.0)
      RedAlert
      motion-cocoapods
      motion_print
      rake
      ruby_motion_query (>= 1.7.0)
    reset-sim (1.2.0)
    ruby-macho (1.4.0)
    ruby-xcdm (0.0.11)
      activesupport (~> 4.1)
      builder (~> 3.2)
      plist (~> 3.1)
    ruby_motion_query (1.7.0)
    thread_safe (0.3.6)
    tzinfo (1.2.5)
      thread_safe (~> 0.1)
    xcodeproj (1.9.0)
      CFPropertyList (>= 2.3.3, < 4.0)
      atomos (~> 0.1.3)
      claide (>= 1.0.2, < 2.0)
      colored2 (~> 3.1)
      nanaimo (~> 0.2.6)

PLATFORMS
  ruby

DEPENDENCIES
  afmotion
  cdq
  motion-cocoapods
  motion-yaml (= 1.4)
  newclear
  rake
  redpotion

BUNDLED WITH
   2.0.1
